PATH
  remote: .
  specs:
    rubcask (0.2.0)
      concurrent-ruby (~> 1.1)
      stringio (~> 3.1)

GEM
  remote: https://rubygems.org/
  specs:
    ast (2.4.2)
    benchmark-ips (2.10.0)
    concurrent-ruby (1.2.0)
    docile (1.4.0)
    json (2.7.1)
    json (2.7.1-java)
    kalibera (0.1.2)
      memoist (~> 0.16)
      rbzip2 (~> 0.3)
    language_server-protocol (3.17.0.3)
    lint_roller (1.1.0)
    memoist (0.16.2)
    minitest (5.25.4)
    parallel (1.24.0)
    parser (3.2.2.4)
      ast (~> 2.4.1)
      racc
    racc (1.7.3)
    racc (1.7.3-java)
    rainbow (3.1.1)
    rake (13.0.6)
    rbzip2 (0.3.0)
    regexp_parser (2.8.3)
    rexml (3.2.6)
    rubocop (1.59.0)
      json (~> 2.3)
      language_server-protocol (>= 3.17.0)
      parallel (~> 1.10)
      parser (>= 3.2.2.4)
      rainbow (>= 2.2.2, < 4.0)
      regexp_parser (>= 1.8, < 3.0)
      rexml (>= 3.2.5, < 4.0)
      rubocop-ast (>= 1.30.0, < 2.0)
      ruby-progressbar (~> 1.7)
      unicode-display_width (>= 2.4.0, < 3.0)
    rubocop-ast (1.30.0)
      parser (>= 3.2.1.0)
    rubocop-performance (1.20.1)
      rubocop (>= 1.48.1, < 2.0)
      rubocop-ast (>= 1.30.0, < 2.0)
    ruby-progressbar (1.13.0)
    simplecov (0.22.0)
      docile (~> 1.1)
      simplecov-html (~> 0.11)
      simplecov_json_formatter (~> 0.1)
    simplecov-html (0.12.3)
    simplecov_json_formatter (0.1.4)
    standard (1.33.0)
      language_server-protocol (~> 3.17.0.2)
      lint_roller (~> 1.0)
      rubocop (~> 1.59.0)
      standard-custom (~> 1.0.0)
      standard-performance (~> 1.3)
    standard-custom (1.0.2)
      lint_roller (~> 1.0)
      rubocop (~> 1.50)
    standard-performance (1.3.0)
      lint_roller (~> 1.1)
      rubocop-performance (~> 1.20.1)
    stringio (3.1.0)
    stringio (3.1.0-java)
    timecop (0.9.6)
    unicode-display_width (2.5.0)

PLATFORMS
  ruby
  universal-java-17

DEPENDENCIES
  benchmark-ips (~> 2.10)
  kalibera (~> 0.1.2)
  minitest (~> 5.25)
  rake (~> 13.0)
  rubcask!
  simplecov (~> 0.22.0)
  standard (~> 1.33)
  timecop (~> 0.9.6)

BUNDLED WITH
   2.3.6
